PATH
  remote: .
  specs:
    logstash-input-s3-sns-sqs (2.1.1)
      logstash-codec-json (~> 3.0)
      logstash-core-plugin-api (>= 2.1.12, <= 2.99)
      logstash-mixin-aws (~> 4.3)

GEM
  remote: https://rubygems.org/
  specs:
    aws-eventstream (1.1.0)
    aws-sdk (2.11.550)
      aws-sdk-resources (= 2.11.550)
    aws-sdk-core (2.11.550)
      aws-sigv4 (~> 1.0)
      jmespath (~> 1.0)
    aws-sdk-resources (2.11.550)
      aws-sdk-core (= 2.11.550)
    aws-sdk-v1 (1.67.0)
      json (~> 1.4)
      nokogiri (~> 1)
    aws-sigv4 (1.2.1)
      aws-eventstream (~> 1, >= 1.0.2)
    chronic_duration (0.10.6)
      numerizer (~> 0.1.1)
    clamp (0.6.5)
    coderay (1.1.3)
    concurrent-ruby (1.1.6)
    diff-lcs (1.4.4)
    elasticsearch (5.0.5)
      elasticsearch-api (= 5.0.5)
      elasticsearch-transport (= 5.0.5)
    elasticsearch-api (5.0.5)
      multi_json
    elasticsearch-transport (5.0.5)
      faraday
      multi_json
    faraday (1.0.1)
      multipart-post (>= 1.2, < 3)
    ffi (1.13.1-java)
    filesize (0.0.4)
    fivemat (1.3.7)
    gem_publisher (1.5.0)
    gems (0.8.3)
    i18n (0.6.9)
    insist (1.0.0)
    jar-dependencies (0.4.1)
    jmespath (1.4.0)
    jrjackson (0.4.12-java)
    jruby-openssl (0.9.19-java)
    json (1.8.6-java)
    kramdown (1.14.0)
    logstash-codec-json (3.0.5)
      logstash-core-plugin-api (>= 1.60, <= 2.99)
    logstash-codec-json_stream (1.1.0)
      logstash-codec-line (>= 2.1.0)
      logstash-core-plugin-api (>= 1.60, <= 2.99)
    logstash-codec-line (3.0.8)
      logstash-core-plugin-api (>= 1.60, <= 2.99)
    logstash-codec-plain (3.0.6)
      logstash-core-plugin-api (>= 1.60, <= 2.99)
    logstash-core (5.6.4-java)
      chronic_duration (= 0.10.6)
      clamp (~> 0.6.5)
      concurrent-ruby (~> 1.0, >= 1.0.5)
      elasticsearch (~> 5.0, >= 5.0.4)
      filesize (= 0.0.4)
      gems (~> 0.8.3)
      i18n (= 0.6.9)
      jar-dependencies
      jrjackson (~> 0.4.3)
      jruby-openssl (= 0.9.19)
      manticore (>= 0.5.4, < 1.0.0)
      minitar (~> 0.5.4)
      pry (~> 0.10.1)
      puma (~> 2.16)
      rack (= 1.6.6)
      ruby-maven (~> 3.3.9)
      rubyzip (~> 1.1.7)
      sinatra (~> 1.4, >= 1.4.6)
      stud (~> 0.0.19)
      thread_safe (~> 0.3.5)
      treetop (< 1.5.0)
    logstash-core-plugin-api (2.1.28-java)
      logstash-core (= 5.6.4)
    logstash-devutils (1.3.6-java)
      fivemat
      gem_publisher
      insist (= 1.0.0)
      kramdown (= 1.14.0)
      logstash-core-plugin-api (>= 2.0, <= 2.99)
      minitar
      rake
      rspec (~> 3.0)
      rspec-wait
      stud (>= 0.0.20)
    logstash-mixin-aws (4.3.0)
      aws-sdk (~> 2)
      aws-sdk-v1 (>= 1.61.0)
      logstash-codec-plain
      logstash-core-plugin-api (>= 1.60, <= 2.99)
    manticore (0.6.4-java)
      openssl_pkcs8_pure
    method_source (0.8.2)
    minitar (0.5.4)
    multi_json (1.15.0)
    multipart-post (2.1.1)
    nokogiri (1.10.10-java)
    numerizer (0.1.1)
    openssl_pkcs8_pure (0.0.0.2)
    polyglot (0.3.5)
    pry (0.10.4-java)
      coderay (~> 1.1.0)
      method_source (~> 0.8.1)
      slop (~> 3.4)
      spoon (~> 0.0)
    puma (2.16.0-java)
    rack (1.6.6)
    rack-protection (1.5.5)
      rack
    rake (13.0.1)
    rspec (3.9.0)
      rspec-core (~> 3.9.0)
      rspec-expectations (~> 3.9.0)
      rspec-mocks (~> 3.9.0)
    rspec-core (3.9.2)
      rspec-support (~> 3.9.3)
    rspec-expectations (3.9.2)
      diff-lcs (>= 1.2.0, < 2.0)
      rspec-support (~> 3.9.0)
    rspec-mocks (3.9.1)
      diff-lcs (>= 1.2.0, < 2.0)
      rspec-support (~> 3.9.0)
    rspec-support (3.9.3)
    rspec-wait (0.0.9)
      rspec (>= 3, < 4)
    ruby-maven (3.3.12)
      ruby-maven-libs (~> 3.3.9)
    ruby-maven-libs (3.3.9)
    rubyzip (1.1.7)
    sinatra (1.4.8)
      rack (~> 1.5)
      rack-protection (~> 1.4)
      tilt (>= 1.3, < 3)
    slop (3.6.0)
    spoon (0.0.6)
      ffi
    stud (0.0.23)
    thread_safe (0.3.6-java)
    tilt (2.0.10)
    treetop (1.4.15)
      polyglot
      polyglot (>= 0.3.1)

PLATFORMS
  java

DEPENDENCIES
  logstash-codec-json_stream (~> 1.0)
  logstash-devutils (~> 1.3)
  logstash-input-s3-sns-sqs!

BUNDLED WITH
   2.1.4
